GEM
  remote: http://rubygems.org/
  specs:
    addressable (2.2.8)
    json (1.8.1)
    metaclass (0.0.1)
    mocha (0.14.0)
      metaclass (~> 0.0.1)
    nokogiri (1.4.7)
    rake (10.0.4)
    rdoc (3.12.2)
      json (~> 1.4)
    shoulda (2.11.3)

PLATFORMS
  ruby

DEPENDENCIES
  addressable (~> 2.2.2)
  bundler (~> 1.3.0)
  mocha (~> 0.14.0)
  nokogiri (~> 1.4.4)
  rake (~> 10)
  rdoc (~> 3)
  shoulda (~> 2.11.3)
